GEM
  remote: https://rubygems.org/
  specs:
    aws-sdk-core (2.6.32)
      aws-sigv4 (~> 1.0)
      jmespath (~> 1.0)
    aws-sigv4 (1.0.0)
    jmespath (1.3.1)

PLATFORMS
  ruby

DEPENDENCIES
  aws-sdk-core

BUNDLED WITH
   1.12.5
